GEM
  remote: https://rubygems.org/
  specs:
    aruba (0.14.14)
      childprocess (>= 0.6.3, < 4.0.0)
      contracts (~> 0.9)
      cucumber (>= 1.3.19)
      ffi (~> 1.9)
      rspec-expectations (>= 2.99)
      thor (>= 0.19, < 2.0)
    builder (3.2.3)
    childprocess (3.0.0)
    contracts (0.16.0)
    cucumber (2.3.3)
      builder (>= 2.1.2)
      cucumber-core (~> 1.4.0)
      cucumber-wire (~> 0.0.1)
      diff-lcs (>= 1.1.3)
      gherkin (~> 3.2.0)
      multi_json (>= 1.7.5, < 2.0)
      multi_test (>= 0.1.2)
    cucumber-core (1.4.0)
      gherkin (~> 3.2.0)
    cucumber-wire (0.0.1)
    diff-lcs (1.3)
    ffi (1.12.2)
    gherkin (3.2.0)
    multi_json (1.12.1)
    multi_test (0.1.2)
    os (0.9.6)
    rspec-expectations (3.9.0)
      diff-lcs (>= 1.2.0, < 2.0)
      rspec-support (~> 3.9.0)
    rspec-support (3.9.2)
    specific_install (0.3.3)
    thor (1.0.1)

PLATFORMS
  ruby

DEPENDENCIES
  aruba (~> 0.14.14)
  cucumber (~> 2.3.0)
  os (~> 0.9.6)
  specific_install (~> 0.3.3)

BUNDLED WITH
   2.1.2
